PATH
  remote: .
  specs:
    auto_html (2.0.0)
      gemoji (~> 2.1)
      redcarpet (~> 3.5)
      rinku (~> 2.0)

GEM
  remote: http://rubygems.org/
  specs:
    ast (2.4.2)
    diff-lcs (1.4.4)
    gemoji (2.1.0)
    parallel (1.20.1)
    parser (3.0.2.0)
      ast (~> 2.4.1)
    rainbow (3.0.0)
    rake (13.0.6)
    redcarpet (3.5.1)
    regexp_parser (2.1.1)
    rexml (3.2.5)
    rinku (2.0.6)
    rspec (3.10.0)
      rspec-core (~> 3.10.0)
      rspec-expectations (~> 3.10.0)
      rspec-mocks (~> 3.10.0)
    rspec-core (3.10.1)
      rspec-support (~> 3.10.0)
    rspec-expectations (3.10.1)
      diff-lcs (>= 1.2.0, < 2.0)
      rspec-support (~> 3.10.0)
    rspec-mocks (3.10.2)
      diff-lcs (>= 1.2.0, < 2.0)
      rspec-support (~> 3.10.0)
    rspec-support (3.10.2)
    rspec_junit_formatter (0.4.1)
      rspec-core (>= 2, < 4, != 2.12.0)
    rubocop (0.89.1)
      parallel (~> 1.10)
      parser (>= 2.7.1.1)
      rainbow (>= 2.2.2, < 4.0)
      regexp_parser (>= 1.7)
      rexml
      rubocop-ast (>= 0.3.0, < 1.0)
      ruby-progressbar (~> 1.7)
      unicode-display_width (>= 1.4.0, < 2.0)
    rubocop-ast (0.8.0)
      parser (>= 2.7.1.5)
    ruby-progressbar (1.11.0)
    unicode-display_width (1.7.0)

PLATFORMS
  universal-java-11
  x86_64-linux

DEPENDENCIES
  auto_html!
  rake (>= 12.3.3)
  rspec (~> 3.3)
  rspec_junit_formatter (~> 0.2)
  rubocop (~> 0.89.1)

BUNDLED WITH
   2.2.22
